PATH
  remote: .
  specs:
    ka-ching-client (0.6.6)
      faraday (>= 2.7.10, < 2.13.0)
      httpx (>= 1.0.0, < 1.5.0)

GEM
  remote: https://rubygems.org/
  specs:
    addressable (2.8.7)
      public_suffix (>= 2.0.2, < 7.0)
    ast (2.4.2)
    base64 (0.2.0)
    bigdecimal (3.1.9)
    bigdecimal (3.1.9-java)
    coderay (1.1.3)
    crack (1.0.0)
      bigdecimal
      rexml
    faraday (2.12.2)
      faraday-net_http (>= 2.0, < 3.5)
      json
      logger
    faraday-net_http (3.4.0)
      net-http (>= 0.5.0)
    ffi (1.17.1-java)
    hashdiff (1.1.2)
    http-2 (1.0.2)
    httpx (1.4.2)
      http-2 (>= 1.0.0)
    json (2.10.2)
    json (2.10.2-java)
    language_server-protocol (3.17.0.4)
    lint_roller (1.1.0)
    logger (1.6.6)
    method_source (1.1.0)
    minitest (5.25.4)
    net-http (0.6.0)
      uri
    parallel (1.26.3)
    parser (3.3.7.1)
      ast (~> 2.4.1)
      racc
    pry (0.15.2)
      coderay (~> 1.1)
      method_source (~> 1.0)
    pry (0.15.2-java)
      coderay (~> 1.1)
      method_source (~> 1.0)
      spoon (~> 0.0)
    public_suffix (6.0.1)
    racc (1.8.1)
    racc (1.8.1-java)
    rainbow (3.1.1)
    rake (13.2.1)
    regexp_parser (2.10.0)
    rexml (3.4.1)
    rubocop (1.73.2)
      json (~> 2.3)
      language_server-protocol (~> 3.17.0.2)
      lint_roller (~> 1.1.0)
      parallel (~> 1.10)
      parser (>= 3.3.0.2)
      rainbow (>= 2.2.2, < 4.0)
      regexp_parser (>= 2.9.3, < 3.0)
      rubocop-ast (>= 1.38.0, < 2.0)
      ruby-progressbar (~> 1.7)
      unicode-display_width (>= 2.4.0, < 4.0)
    rubocop-ast (1.38.1)
      parser (>= 3.3.1.0)
    rubocop-minitest (0.36.0)
      rubocop (>= 1.61, < 2.0)
      rubocop-ast (>= 1.31.1, < 2.0)
    rubocop-performance (1.24.0)
      lint_roller (~> 1.1)
      rubocop (>= 1.72.1, < 2.0)
      rubocop-ast (>= 1.38.0, < 2.0)
    rubocop-rake (0.6.0)
      rubocop (~> 1.0)
    ruby-progressbar (1.13.0)
    spoon (0.0.6)
      ffi
    unicode-display_width (3.1.4)
      unicode-emoji (~> 4.0, >= 4.0.4)
    unicode-emoji (4.0.4)
    uri (1.0.3)
    vcr (6.3.1)
      base64
    webmock (3.25.1)
      addressable (>= 2.8.0)
      crack (>= 0.3.2)
      hashdiff (>= 0.4.0, < 2.0.0)
    yard (0.9.37)

PLATFORMS
  arm64-darwin-22
  ruby
  universal-java-17
  x86_64-linux

DEPENDENCIES
  ka-ching-client!
  minitest (~> 5.25)
  pry (~> 0.15.2)
  rake (~> 13.1)
  rubocop (~> 1.71)
  rubocop-minitest (~> 0.36.0)
  rubocop-performance (~> 1.23)
  rubocop-rake (~> 0.6.0)
  vcr (~> 6.2)
  webmock (~> 3.19)
  yard (~> 0.9.34)

BUNDLED WITH
   2.5.23
